GEM
  remote: https://rubygems.org/
  remote: https://gradesfirst:GajerilneircaitNaknigEig@gems.railslts.com/
  specs:
    actionmailer (3.2.22.8)
      actionpack (= 3.2.22.8)
      mail (~> 2.5.4)
    actionpack (3.2.22.8)
      activemodel (= 3.2.22.8)
      activesupport (= 3.2.22.8)
      builder (~> 3.0)
      erubis (~> 2.7.0)
      journey (~> 1.0.4)
      rack (~> 1.4.5)
      rack-cache (~> 1.2)
      rack-test (~> 0.6.1)
      sprockets (~> 2.2.1)
    activemodel (3.2.22.8)
      activesupport (= 3.2.22.8)
      builder (~> 3.0)
    activerecord (3.2.22.8)
      activemodel (= 3.2.22.8)
      activesupport (= 3.2.22.8)
      arel (~> 3.0.2)
      tzinfo (~> 0.3.29)
    activeresource (3.2.22.8)
      activemodel (= 3.2.22.8)
      activesupport (= 3.2.22.8)
    activesupport (3.2.22.8)
      i18n (~> 0.6, >= 0.6.4)
      multi_json (~> 1.0)
    arel (3.0.3)
    builder (3.2.3)
    byebug (9.1.0)
    coderay (1.1.2)
    concurrent-ruby (1.0.5)
    erubis (2.7.0)
    faraday (0.9.2)
      multipart-post (>= 1.2, < 3)
    hike (1.2.3)
    i18n (0.9.1)
      concurrent-ruby (~> 1.0)
    journey (1.0.4)
    jquery-rails (3.1.4)
      railties (>= 3.0, < 5.0)
      thor (>= 0.14, < 2.0)
    json (1.8.6)
    jwt (1.5.6)
    mail (2.5.5)
      mime-types (~> 1.16)
      treetop (~> 1.4.8)
    method_source (0.9.0)
    mime-types (1.25.1)
    mini_portile2 (2.1.0)
    multi_json (1.12.2)
    multi_xml (0.6.0)
    multipart-post (2.0.0)
    nokogiri (1.6.8.1)
      mini_portile2 (~> 2.1.0)
    oauth2 (1.2.0)
      faraday (>= 0.8, < 0.10)
      jwt (~> 1.0)
      multi_json (~> 1.3)
      multi_xml (~> 0.5)
      rack (>= 1.2, < 3)
    polyglot (0.3.5)
    power_assert (1.1.1)
    pry (0.11.3)
      coderay (~> 1.1.0)
      method_source (~> 0.9.0)
    pry-byebug (3.5.1)
      byebug (~> 9.1)
      pry (~> 0.10)
    pry-rails (0.3.6)
      pry (>= 0.10.4)
    puma (3.11.0)
    rack (1.4.7)
    rack-cache (1.7.1)
      rack (>= 0.4)
    rack-ssl (1.3.4)
      rack
    rack-test (0.6.3)
      rack (>= 1.0)
    rails (3.2.22.8)
      actionmailer (= 3.2.22.8)
      actionpack (= 3.2.22.8)
      activemodel (= 3.2.22.8)
      activerecord (= 3.2.22.8)
      activeresource (= 3.2.22.8)
      activesupport (= 3.2.22.8)
      bundler (~> 1.0)
      railslts-version (= 3.2.22.8)
      railties (= 3.2.22.8)
    railslts-version (3.2.22.8)
    railties (3.2.22.8)
      actionpack (= 3.2.22.8)
      activesupport (= 3.2.22.8)
      rack-ssl (~> 1.3.2)
      rake (>= 0.8.7)
      rdoc (~> 3.4)
      thor (>= 0.14.6, < 2.0)
    rake (10.0.3)
    rdoc (3.12.2)
      json (~> 1.4)
    sprockets (2.2.3)
      hike (~> 1.2)
      multi_json (~> 1.0)
      rack (~> 1.0)
      tilt (~> 1.1, != 1.3.0)
    sqlite3 (1.3.13)
    test-unit (3.2.6)
      power_assert
    thor (0.20.0)
    tilt (1.4.1)
    treetop (1.4.15)
      polyglot
      polyglot (>= 0.3.1)
    tzinfo (0.3.53)

PLATFORMS
  ruby

DEPENDENCIES
  actionmailer!
  actionpack!
  activemodel!
  activerecord!
  activeresource!
  activesupport!
  jquery-rails
  nokogiri (~> 1.6.0)
  oauth2 (~> 1.2.0)
  pry
  pry-byebug
  pry-rails
  puma
  rails (~> 3.2.22)!
  railslts-version!
  railties!
  rake (= 10.0.3)
  sqlite3
  test-unit

BUNDLED WITH
   1.16.0
